GEM
  remote: https://rubygems.org/
  specs:
    minitest (5.15.0)
    o_stream_catcher (0.0.1)
    rake (13.0.6)

PLATFORMS
  x86_64-linux

DEPENDENCIES
  minitest
  o_stream_catcher
  rake

BUNDLED WITH
   2.3.11
